GEM
  remote: https://rubygems.org/
  specs:
    activerecord (2.3.14)
      activesupport (= 2.3.14)
    activesupport (2.3.14)
    builder (3.1.4)
    camping (2.1.523)
      mab
      rack (>= 1.0)
    mab (0.0.2)
    markaby (0.7.2)
      builder (>= 2.0.0)
    rack (1.4.1)

PLATFORMS
  ruby

DEPENDENCIES
  activerecord
  camping
  markaby
