GEM
  remote: https://rubygems.org/
  specs:
    addressable (2.2.8)
    builder (3.1.4)
    camping (2.1.523)
      mab
      rack (>= 1.0)
    data_objects (0.10.10)
      addressable (~> 2.1)
    dm-core (1.2.0)
      addressable (~> 2.2.6)
    dm-do-adapter (1.2.0)
      data_objects (~> 0.10.6)
      dm-core (~> 1.2.0)
    dm-migrations (1.2.0)
      dm-core (~> 1.2.0)
    dm-sqlite-adapter (1.2.0)
      dm-do-adapter (~> 1.2.0)
      do_sqlite3 (~> 0.10.6)
    dm-timestamps (1.2.0)
      dm-core (~> 1.2.0)
    dm-validations (1.2.0)
      dm-core (~> 1.2.0)
    do_sqlite3 (0.10.10)
      data_objects (= 0.10.10)
    mab (0.0.2)
    markaby (0.7.2)
      builder (>= 2.0.0)
    rack (1.4.1)
    sqlite3 (1.3.6)

PLATFORMS
  ruby

DEPENDENCIES
  camping
  dm-core
  dm-migrations
  dm-sqlite-adapter
  dm-timestamps
  dm-validations
  markaby
  sqlite3
